GEM
  remote: https://rubygems.org/
  specs:
    activesupport (4.1.10)
      i18n (~> 0.6, >= 0.6.9)
      json (~> 1.7, >= 1.7.7)
      minitest (~> 5.1)
      thread_safe (~> 0.1)
      tzinfo (~> 1.1)
    coffee-script (2.4.1)
      coffee-script-source
      execjs
    coffee-script-source (1.9.1.1)
    execjs (2.5.2)
    haml (4.0.6)
      tilt
    i18n (0.7.0)
    json (1.8.2)
    minitest (5.7.0)
    rack (1.6.1)
    rack-protection (1.5.3)
      rack
    sass (3.4.14)
    sinatra (1.4.6)
      rack (~> 1.4)
      rack-protection (~> 1.4)
      tilt (>= 1.3, < 3)
    thread_safe (0.3.5)
    tilt (1.4.1)
    tzinfo (1.2.2)
      thread_safe (~> 0.1)

PLATFORMS
  ruby

DEPENDENCIES
  activesupport
  coffee-script
  haml
  sass
  sinatra
